PATH
  remote: .
  specs:
    agrimi (0.0.0)

GEM
  remote: http://rubygems.org/
  specs:
    celluloid (0.14.1)
      timers (>= 1.0.0)
    celluloid-io (0.14.1)
      celluloid (>= 0.14.1)
      nio4r (>= 0.4.5)
    diff-lcs (1.2.4)
    mime-types (1.23)
    nio4r (0.4.6)
    parseconfig (1.0.2)
    rake (10.1.0)
    rest-client (1.6.7)
      mime-types (>= 1.16)
    rspec (2.14.1)
      rspec-core (~> 2.14.0)
      rspec-expectations (~> 2.14.0)
      rspec-mocks (~> 2.14.0)
    rspec-core (2.14.4)
    rspec-expectations (2.14.0)
      diff-lcs (>= 1.1.3, < 2.0)
    rspec-mocks (2.14.2)
    timers (1.1.0)

PLATFORMS
  java
  ruby

DEPENDENCIES
  agrimi!
  celluloid
  celluloid-io
  parseconfig
  rake
  rest-client
  rspec
