PATH
  remote: .
  specs:
    goatserver (0.0.0)

GEM
  remote: http://rubygems.org/
  specs:
    diff-lcs (1.2.4)
    mime-types (1.23)
    parseconfig (1.0.2)
    rake (10.1.0)
    rest-client (1.6.7)
      mime-types (>= 1.16)
    rspec (2.13.0)
      rspec-core (~> 2.13.0)
      rspec-expectations (~> 2.13.0)
      rspec-mocks (~> 2.13.0)
    rspec-core (2.13.1)
    rspec-expectations (2.13.0)
      diff-lcs (>= 1.1.3, < 2.0)
    rspec-mocks (2.13.1)

PLATFORMS
  ruby

DEPENDENCIES
  goatserver!
  parseconfig
  rake
  rest-client
  rspec
